GEM
  remote: http://rubygems.org/
  specs:
    activesupport (3.0.3)
    choice (0.1.4)
    diff-lcs (1.1.2)
    git (1.2.5)
    haml (3.0.24)
    jeweler (1.5.1)
      bundler (~> 1.0.0)
      git (>= 1.2.5)
      rake
    json_pure (1.4.6)
    murdoc (0.1.3)
      haml (~> 3.0.0)
      haml (~> 3.0.0)
      jeweler
      rdiscount (~> 1.6.5)
      rdiscount (~> 1.6.5)
      rspec (~> 2.1.0)
      sass (~> 3.1.0)
    rake (0.8.7)
    rdiscount (1.6.5)
    rgl (0.4.0)
      rake
      stream (>= 0.5)
    rspec (2.1.0)
      rspec-core (~> 2.1.0)
      rspec-expectations (~> 2.1.0)
      rspec-mocks (~> 2.1.0)
    rspec-core (2.1.0)
    rspec-expectations (2.1.0)
      diff-lcs (~> 1.1.2)
    rspec-mocks (2.1.0)
    sass (3.1.0.alpha.39)
    stream (0.5)

PLATFORMS
  ruby

DEPENDENCIES
  activesupport
  bundler
  choice
  jeweler
  json_pure
  murdoc
  rgl
  rspec
