GEM
  remote: http://rubygems.org/
  specs:
    activesupport (3.0.3)
    choice (0.1.4)
    diff-lcs (1.1.2)
    git (1.2.5)
    jeweler (1.5.1)
      bundler (~> 1.0.0)
      git (>= 1.2.5)
      rake
    json_pure (1.4.6)
    rake (0.8.7)
    rgl (0.4.0)
      rake
      stream (>= 0.5)
    rspec (2.1.0)
      rspec-core (~> 2.1.0)
      rspec-expectations (~> 2.1.0)
      rspec-mocks (~> 2.1.0)
    rspec-core (2.1.0)
    rspec-expectations (2.1.0)
      diff-lcs (~> 1.1.2)
    rspec-mocks (2.1.0)
    stream (0.5)

PLATFORMS
  ruby

DEPENDENCIES
  activesupport
  bundler
  choice
  jeweler
  json_pure
  rgl
  rspec
